PATH
  remote: .
  specs:
    simplecov-rcov (0.2.3)
      simplecov (>= 0.4.1)

GEM
  remote: https://rubygems.org/
  specs:
    docile (1.1.5)
    json (1.8.2)
    metaclass (0.0.4)
    mocha (1.1.0)
      metaclass (~> 0.0.1)
    rake (10.4.2)
    simplecov (0.10.0)
      docile (~> 1.1.0)
      json (~> 1.8)
      simplecov-html (~> 0.10.0)
    simplecov-html (0.10.0)

PLATFORMS
  ruby

DEPENDENCIES
  bundler (>= 1.0.0.rc.6)
  mocha
  rake
  simplecov-rcov!
